GEM
  remote: https://rubygems.org/
  specs:
    ffi (1.15.5)
    listen (3.7.1)
      rb-fsevent (~> 0.10, >= 0.10.3)
      rb-inotify (~> 0.9, >= 0.9.10)
    rb-fsevent (0.11.1)
    rb-inotify (0.10.1)
      ffi (~> 1.0)
    warning (1.2.1)

PLATFORMS
  ruby

DEPENDENCIES
  listen
  rb-fsevent
  warning

BUNDLED WITH
   2.3.12
